GEM
  remote: https://rubygems.org/
  specs:
    bubble-wrap (1.1.4)
    rubymotion_generators (0.0.3)
      thor (~> 0.15)
    sugarcube (0.10)
    thor (0.16.0)

PLATFORMS
  ruby

DEPENDENCIES
  bubble-wrap
  rubymotion_generators
  sugarcube
