GEM
  remote: https://rubygems.org/
  specs:
    activesupport (3.2.9)
      i18n (~> 0.6)
      multi_json (~> 1.0)
    bubble-wrap (1.1.4)
    colored (1.2)
    dotenv (0.4.0)
    i18n (0.6.1)
    ib (0.2.4)
      thor (>= 0.15.4)
      xcodeproj (>= 0.4.0)
    motion-testflight (1.4)
    multi_json (1.5.0)
    rake (10.0.3)
    rubymotion_generators (0.0.3)
      thor (~> 0.15)
    sugarcube (0.10)
    thor (0.16.0)
    xcodeproj (0.4.0)
      activesupport (~> 3.2.6)
      colored (~> 1.2)

PLATFORMS
  ruby

DEPENDENCIES
  bubble-wrap
  dotenv
  ib
  motion-testflight
  rake
  rubymotion_generators
  sugarcube
